GEM
  remote: http://rubygems.org/
  specs:
    coffee-script (2.2.0)
      coffee-script-source
      execjs
    coffee-script-source (1.1.1)
    execjs (1.2.0)
      multi_json (~> 1.0)
    fssm (0.2.7)
    haml (3.1.2)
    multi_json (1.0.3)
    sass (3.1.4)

PLATFORMS
  ruby

DEPENDENCIES
  coffee-script
  fssm
  haml
  sass
